GEM
  remote: https://rubygems.org/
  specs:
    rake (12.3.3)
    sqlite3 (1.4.2)

PLATFORMS
  ruby

DEPENDENCIES
  rake (~> 12.0)
  sqlite3 (~> 1.4)

BUNDLED WITH
   2.1.4
